GEM
  remote: http://rubygems.org/
  specs:
    activesupport (3.0.3)
    addressable (2.2.2)
    daemons (1.1.0)
    eventmachine (0.12.10)
    faraday (0.5.3)
      addressable (~> 2.2.2)
      multipart-post (~> 1.0.1)
      rack (>= 1.1.0, < 2)
    ffi (1.0.4)
      rake (>= 0.8.7)
    i18n (0.5.0)
    libnotify (0.3.0)
      ffi (>= 0.6.2)
    mime-types (1.16)
    multipart-post (1.0.1)
    rack (1.2.1)
    rake (0.8.7)
    roauth (0.0.3)
    tinder (1.4.3)
      activesupport
      eventmachine
      faraday (~> 0.5.1)
      mime-types
      multipart-post
      twitter-stream
    twitter-stream (0.1.10)
      eventmachine (>= 0.12.8)
      roauth (>= 0.0.2)

PLATFORMS
  ruby

DEPENDENCIES
  daemons
  i18n
  libnotify
  tinder
