GEM
  remote: http://rubygems.org/
  specs:
    activesupport (3.0.7)
    addressable (2.2.5)
    daemons (1.1.3)
    eventmachine (0.12.10)
    faraday (0.5.7)
      addressable (~> 2.2.4)
      multipart-post (~> 1.1.0)
      rack (< 2, >= 1.1.0)
    ffi (1.0.7)
      rake (>= 0.8.7)
    i18n (0.5.0)
    libnotify (0.5.0)
      ffi (>= 0.6.2)
    mime-types (1.16)
    multipart-post (1.1.0)
    rack (1.2.2)
    rake (0.8.7)
    simple_oauth (0.1.5)
    tinder (1.4.4)
      activesupport
      eventmachine
      faraday (~> 0.5.1)
      mime-types
      multipart-post
      twitter-stream
    twitter-stream (0.1.13)
      eventmachine (~> 0.12.8)
      simple_oauth (~> 0.1.4)

PLATFORMS
  ruby

DEPENDENCIES
  daemons
  i18n
  libnotify
  tinder
